GEM
  remote: https://rubygems.org/
  specs:
    rake (10.1.0)
    sass (3.2.10)
    zurb-foundation (4.0.0)
      rake
      sass (>= 3.2.0)

PLATFORMS
  ruby

DEPENDENCIES
  sass
  zurb-foundation (= 4.0.0)
